GEM
  remote: http://rubygems.org/
  specs:
    abstract (1.0.0)
    actionmailer (3.0.20)
      actionpack (= 3.0.20)
      mail (~> 2.2.19)
    actionpack (3.0.20)
      activemodel (= 3.0.20)
      activesupport (= 3.0.20)
      builder (~> 2.1.2)
      erubis (~> 2.6.6)
      i18n (~> 0.5.0)
      rack (~> 1.2.5)
      rack-mount (~> 0.6.14)
      rack-test (~> 0.5.7)
      tzinfo (~> 0.3.23)
    active_model_serializers (0.8.4)
      activemodel (>= 3.0)
    activemodel (3.0.20)
      activesupport (= 3.0.20)
      builder (~> 2.1.2)
      i18n (~> 0.5.0)
    activerecord (3.0.20)
      activemodel (= 3.0.20)
      activesupport (= 3.0.20)
      arel (~> 2.0.10)
      tzinfo (~> 0.3.23)
    activeresource (3.0.20)
      activemodel (= 3.0.20)
      activesupport (= 3.0.20)
    activesupport (3.0.20)
    ar-audit-tracer (1.0.2)
      activerecord (~> 3.0)
    arel (2.0.10)
    ast (2.4.2)
    bcrypt (3.1.20)
    builder (2.1.2)
    celluloid (0.17.4)
      celluloid-essentials
      celluloid-extras
      celluloid-fsm
      celluloid-pool
      celluloid-supervision
      timers (>= 4.1.1)
    celluloid-essentials (0.20.5)
      timers (>= 4.1.1)
    celluloid-extras (0.20.5)
      timers (>= 4.1.1)
    celluloid-fsm (0.20.5)
      timers (>= 4.1.1)
    celluloid-pool (0.20.5)
      timers (>= 4.1.1)
    celluloid-supervision (0.20.6)
      timers (>= 4.1.1)
    columnize (0.9.0)
    connection_pool (2.2.3)
    debugger (1.6.8)
      columnize (>= 0.3.1)
      debugger-linecache (~> 1.2.0)
      debugger-ruby_core_source (~> 1.3.5)
    debugger-linecache (1.2.0)
    debugger-ruby_core_source (1.3.8)
    diff-lcs (1.5.0)
    erubis (2.6.6)
      abstract (>= 1.0.0)
    factory_bot (4.11.1)
      activesupport (>= 3.0.0)
    factory_bot_rails (4.11.1)
      factory_bot (~> 4.11.1)
      railties (>= 3.0.0)
    faker (1.7.3)
      i18n (~> 0.5)
    i18n (0.5.4)
    jbuilder (2.6.4)
      activesupport (>= 3.0.0)
      multi_json (>= 1.2)
    json (1.8.6)
    jwt (1.5.6)
    mail (2.2.20)
      activesupport (>= 2.3.6)
      i18n (>= 0.4.0)
      mime-types (~> 1.16)
      treetop (~> 1.4.8)
    mime-types (1.25.1)
    multi_json (1.15.0)
    parser (2.4.0.2)
      ast (~> 2.3)
    pg (0.18.4)
    polyglot (0.3.5)
    powerpack (0.1.3)
    rack (1.2.8)
    rack-cors (1.0.3)
    rack-mount (0.6.14)
      rack (>= 1.0.0)
    rack-test (0.5.7)
      rack (>= 1.0)
    rails (3.0.20)
      actionmailer (= 3.0.20)
      actionpack (= 3.0.20)
      activerecord (= 3.0.20)
      activeresource (= 3.0.20)
      activesupport (= 3.0.20)
      bundler (~> 1.0)
      railties (= 3.0.20)
    railties (3.0.20)
      actionpack (= 3.0.20)
      activesupport (= 3.0.20)
      rake (>= 0.8.7)
      rdoc (~> 3.4)
      thor (~> 0.14.4)
    rainbow (2.2.2)
      rake
    rake (12.2.1)
    rdoc (3.12.2)
      json (~> 1.4)
    redis (3.3.5)
    redis-namespace (1.6.0)
      redis (>= 3.0.4)
    rspec-core (3.9.3)
      rspec-support (~> 3.9.3)
    rspec-expectations (3.9.4)
      diff-lcs (>= 1.2.0, < 2.0)
      rspec-support (~> 3.9.0)
    rspec-mocks (3.9.1)
      diff-lcs (>= 1.2.0, < 2.0)
      rspec-support (~> 3.9.0)
    rspec-rails (3.9.1)
      actionpack (>= 3.0)
      activesupport (>= 3.0)
      railties (>= 3.0)
      rspec-core (~> 3.9.0)
      rspec-expectations (~> 3.9.0)
      rspec-mocks (~> 3.9.0)
      rspec-support (~> 3.9.0)
    rspec-support (3.9.4)
    rubocop (0.41.2)
      parser (>= 2.3.1.1, < 3.0)
      powerpack (~> 0.1)
      rainbow (>= 1.99.1, < 3.0)
      ruby-progressbar (~> 1.7)
      unicode-display_width (~> 1.0, >= 1.0.1)
    ruby-progressbar (1.13.0)
    sidekiq (3.0.2)
      celluloid (>= 0.15.2)
      connection_pool (>= 2.0.0)
      json
      redis (>= 3.0.6)
      redis-namespace (>= 1.3.1)
    strong_parameters (0.2.3)
      actionpack (~> 3.0)
      activemodel (~> 3.0)
      activesupport (~> 3.0)
      railties (~> 3.0)
    thor (0.14.6)
    timers (4.3.5)
    treetop (1.4.15)
      polyglot
      polyglot (>= 0.3.1)
    tzinfo (0.3.62)
    unicode-display_width (1.8.0)
    will_paginate (2.3.17)

PLATFORMS
  ruby

DEPENDENCIES
  actionmailer
  active_model_serializers
  ar-audit-tracer
  bcrypt (~> 3.1.12)
  debugger
  factory_bot_rails
  faker (~> 1.7, >= 1.7.3)
  jbuilder
  jwt
  pg
  rack-cors
  rails (= 3.0.20)
  redis (~> 3.2, >= 3.2.1)
  rspec-rails (~> 3.9.1)
  rubocop
  sidekiq (~> 3.0.0)
  strong_parameters
  will_paginate (~> 2.3.17)

BUNDLED WITH
   1.17.3
